PATH
  remote: ../
  specs:
    env_tracking_branch (0.1.0)

GEM
  remote: https://rubygems.org/
  specs:

PLATFORMS
  ruby

DEPENDENCIES
  env_tracking_branch!

BUNDLED WITH
   1.12.0
